PATH
  remote: .
  specs:
    tr4n5l4te (0.1.16)
      capybara (~> 2.6)
      colored (~> 1)
      midwire_common (~> 0.1)
      optimist (~> 3.0)
      poltergeist (~> 1.9)

GEM
  remote: https://rubygems.org/
  specs:
    addressable (2.8.6)
      public_suffix (>= 2.0.2, < 6.0)
    ast (2.4.2)
    capybara (2.18.0)
      addressable
      mini_mime (>= 0.1.3)
      nokogiri (>= 1.3.3)
      rack (>= 1.0.0)
      rack-test (>= 0.5.4)
      xpath (>= 2.0, < 4.0)
    cliver (0.3.2)
    coderay (1.1.3)
    colored (1.2)
    diff-lcs (1.5.1)
    docile (1.4.0)
    json (2.7.1)
    language_server-protocol (3.17.0.3)
    method_source (1.0.0)
    midwire_common (0.3.0)
      thor (~> 0.19)
    mini_mime (1.1.5)
    mini_portile2 (2.8.5)
    nokogiri (1.16.2)
      mini_portile2 (~> 2.8.2)
      racc (~> 1.4)
    optimist (3.1.0)
    parallel (1.24.0)
    parser (3.3.0.5)
      ast (~> 2.4.1)
      racc
    poltergeist (1.18.1)
      capybara (>= 2.1, < 4)
      cliver (~> 0.3.1)
      websocket-driver (>= 0.2.0)
    pry (0.14.2)
      coderay (~> 1.1)
      method_source (~> 1.0)
    pry-nav (1.0.0)
      pry (>= 0.9.10, < 0.15)
    public_suffix (5.0.4)
    racc (1.7.3)
    rack (3.0.9)
    rack-test (2.1.0)
      rack (>= 1.3)
    rainbow (3.1.1)
    rake (13.1.0)
    regexp_parser (2.9.0)
    rexml (3.2.6)
    rspec (3.13.0)
      rspec-core (~> 3.13.0)
      rspec-expectations (~> 3.13.0)
      rspec-mocks (~> 3.13.0)
    rspec-core (3.13.0)
      rspec-support (~> 3.13.0)
    rspec-expectations (3.13.0)
      diff-lcs (>= 1.2.0, < 2.0)
      rspec-support (~> 3.13.0)
    rspec-mocks (3.13.0)
      diff-lcs (>= 1.2.0, < 2.0)
      rspec-support (~> 3.13.0)
    rspec-support (3.13.0)
    rubocop (1.60.2)
      json (~> 2.3)
      language_server-protocol (>= 3.17.0)
      parallel (~> 1.10)
      parser (>= 3.3.0.2)
      rainbow (>= 2.2.2, < 4.0)
      regexp_parser (>= 1.8, < 3.0)
      rexml (>= 3.2.5, < 4.0)
      rubocop-ast (>= 1.30.0, < 2.0)
      ruby-progressbar (~> 1.7)
      unicode-display_width (>= 2.4.0, < 3.0)
    rubocop-ast (1.30.0)
      parser (>= 3.2.1.0)
    ruby-progressbar (1.13.0)
    simplecov (0.22.0)
      docile (~> 1.1)
      simplecov-html (~> 0.11)
      simplecov_json_formatter (~> 0.1)
    simplecov-html (0.12.3)
    simplecov_json_formatter (0.1.4)
    thor (0.20.3)
    unicode-display_width (2.5.0)
    websocket-driver (0.7.6)
      websocket-extensions (>= 0.1.0)
    websocket-extensions (0.1.5)
    xpath (3.2.0)
      nokogiri (~> 1.8)

PLATFORMS
  ruby

DEPENDENCIES
  bundler (~> 2.1)
  pry-nav
  rake (~> 13.0)
  rspec (~> 3.0)
  rubocop
  simplecov (~> 0.11)
  tr4n5l4te!

BUNDLED WITH
   2.5.6
